GEM
  remote: http://rubygems.org/
  specs:
    activemodel (3.2.16)
      activesupport (= 3.2.16)
      builder (~> 3.0.0)
    activerecord (3.2.16)
      activemodel (= 3.2.16)
      activesupport (= 3.2.16)
      arel (~> 3.0.2)
      tzinfo (~> 0.3.29)
    activesupport (3.2.16)
      i18n (~> 0.6, >= 0.6.4)
      multi_json (~> 1.0)
    arel (3.0.3)
    bson (1.9.2)
    bson_ext (1.9.2)
      bson (~> 1.9.2)
    builder (3.0.4)
    coderay (1.1.0)
    columnize (0.3.6)
    debugger (1.6.5)
      columnize (>= 0.3.1)
      debugger-linecache (~> 1.2.0)
      debugger-ruby_core_source (~> 1.3.1)
    debugger-linecache (1.2.0)
    debugger-pry (0.1.1)
      debugger (~> 1)
      pry (>= 0.9.9)
    debugger-ruby_core_source (1.3.1)
    i18n (0.6.9)
    method_source (0.8.2)
    mongoid (3.1.6)
      activemodel (~> 3.2)
      moped (~> 1.4)
      origin (~> 1.0)
      tzinfo (~> 0.3.29)
    moped (1.5.1)
    multi_json (1.8.4)
    mysql2 (0.3.14)
    origin (1.1.0)
    pry (0.9.12.4)
      coderay (~> 1.0)
      method_source (~> 0.8)
      slop (~> 3.4)
    slop (3.4.7)
    tzinfo (0.3.38)
    will_paginate (3.0.5)
    will_paginate_mongoid (2.0.1)
      mongoid
      will_paginate (~> 3.0)

PLATFORMS
  ruby

DEPENDENCIES
  activerecord
  bson_ext
  debugger-pry
  mongoid (~> 3.1.6)
  mysql2
  pry
  will_paginate_mongoid
